GEM
  remote: https://rubygems.org/
  specs:
    foreman (0.82.0)
      thor (~> 0.19.1)
    rake (12.0.0)
    subcontractor (0.8.0)
    thor (0.19.4)

PLATFORMS
  ruby

DEPENDENCIES
  foreman
  rake
  subcontractor

BUNDLED WITH
   1.13.7
